PATH
  remote: .
  specs:
    mlb (0.2.6)
      httparty (~> 0.6)
      json (~> 1.4)
      sqlite3-ruby (~> 1.3)

GEM
  remote: http://rubygems.org/
  specs:
    crack (0.1.8)
    httparty (0.6.1)
      crack (= 0.1.8)
    json (1.4.6)
    sqlite3-ruby (1.3.1)

PLATFORMS
  ruby

DEPENDENCIES
  httparty (~> 0.6)
  json (~> 1.4)
  mlb!
  sqlite3-ruby (~> 1.3)
