PATH
  remote: .
  specs:
    mlb (0.4.0)
      faraday (~> 0.5.3)
      yajl-ruby (~> 0.7.8)

GEM
  remote: http://rubygems.org/
  specs:
    ZenTest (4.4.0)
    addressable (2.2.2)
    crack (0.1.8)
    diff-lcs (1.1.2)
    faraday (0.5.3)
      addressable (~> 2.2.2)
      multipart-post (~> 1.0.1)
      rack (>= 1.1.0, < 2)
    multipart-post (1.0.1)
    rack (1.2.1)
    rake (0.8.7)
    rspec (2.1.0)
      rspec-core (~> 2.1.0)
      rspec-expectations (~> 2.1.0)
      rspec-mocks (~> 2.1.0)
    rspec-core (2.1.0)
    rspec-expectations (2.1.0)
      diff-lcs (~> 1.1.2)
    rspec-mocks (2.1.0)
    simplecov (0.3.7)
      simplecov-html (>= 0.3.7)
    simplecov-html (0.3.9)
    webmock (1.5.0)
      addressable (>= 2.2.2)
      crack (>= 0.1.7)
    yajl-ruby (0.7.8)
    yard (0.6.1)

PLATFORMS
  ruby

DEPENDENCIES
  ZenTest (~> 4.4)
  bundler (~> 1.0)
  faraday (~> 0.5.3)
  mlb!
  rake (~> 0.8)
  rspec (~> 2.1)
  simplecov (~> 0.3)
  webmock (~> 1.5)
  yajl-ruby (~> 0.7.8)
  yard (~> 0.6)
