PATH
  remote: .
  specs:
    mlb (0.3.0)
      faraday (~> 0.5.2)
      sqlite3-ruby (~> 1.3.2)
      yajl-ruby (~> 0.7.8)

GEM
  remote: http://rubygems.org/
  specs:
    ZenTest (4.4.0)
    addressable (2.2.2)
    crack (0.1.8)
    diff-lcs (1.1.2)
    faraday (0.5.2)
      addressable (~> 2.2.2)
      multipart-post (~> 1.0.1)
      rack (>= 1.1.0, < 2)
    multipart-post (1.0.1)
    rack (1.2.1)
    rake (0.8.7)
    rcov (0.9.9)
    rspec (2.0.1)
      rspec-core (~> 2.0.1)
      rspec-expectations (~> 2.0.1)
      rspec-mocks (~> 2.0.1)
    rspec-core (2.0.1)
    rspec-expectations (2.0.1)
      diff-lcs (>= 1.1.2)
    rspec-mocks (2.0.1)
      rspec-core (~> 2.0.1)
      rspec-expectations (~> 2.0.1)
    sqlite3-ruby (1.3.2)
    webmock (1.5.0)
      addressable (>= 2.2.2)
      crack (>= 0.1.7)
    yajl-ruby (0.7.8)
    yard (0.6.1)

PLATFORMS
  ruby

DEPENDENCIES
  ZenTest (~> 4.4)
  bundler (~> 1.0)
  faraday (~> 0.5.2)
  mlb!
  rake (~> 0.8)
  rcov (~> 0.9)
  rspec (~> 2.0)
  sqlite3-ruby (~> 1.3.2)
  webmock (~> 1.5)
  yajl-ruby (~> 0.7.8)
  yard (~> 0.6)
