PATH
  remote: .
  specs:
    mlb (0.5.0)
      faraday (~> 0.5.3)
      faraday_middleware (~> 0.3.1)
      multi_json (~> 0.0.5)

GEM
  remote: http://rubygems.org/
  specs:
    ZenTest (4.4.1)
    addressable (2.2.2)
    crack (0.1.8)
    diff-lcs (1.1.2)
    faraday (0.5.3)
      addressable (~> 2.2.2)
      multipart-post (~> 1.0.1)
      rack (>= 1.1.0, < 2)
    faraday_middleware (0.3.1)
      faraday (~> 0.5.3)
    json (1.4.6)
    json (1.4.6-java)
    maruku (0.6.0)
      syntax (>= 1.0.0)
    multi_json (0.0.5)
    multipart-post (1.0.1)
    rack (1.2.1)
    rake (0.8.7)
    rspec (2.2.0)
      rspec-core (~> 2.2)
      rspec-expectations (~> 2.2)
      rspec-mocks (~> 2.2)
    rspec-core (2.2.1)
    rspec-expectations (2.2.0)
      diff-lcs (~> 1.1.2)
    rspec-mocks (2.2.0)
    simplecov (0.3.7)
      simplecov-html (>= 0.3.7)
    simplecov-html (0.3.9)
    syntax (1.0.0)
    webmock (1.6.1)
      addressable (>= 2.2.2)
      crack (>= 0.1.7)
    yard (0.6.3)

PLATFORMS
  java
  ruby

DEPENDENCIES
  ZenTest (~> 4.4)
  bundler (~> 1.0)
  faraday (~> 0.5.3)
  faraday_middleware (~> 0.3.1)
  json (~> 1.4.6)
  maruku (~> 0.6)
  mlb!
  multi_json (~> 0.0.5)
  rake (~> 0.8)
  rspec (~> 2.2)
  simplecov (~> 0.3)
  webmock (~> 1.6)
  yard (~> 0.6)
