PATH
  remote: .
  specs:
    mlb (0.2.6)
      httparty (~> 0.6)
      json (~> 1.4)
      sqlite3-ruby (~> 1.3)

GEM
  remote: http://rubygems.org/
  specs:
    ZenTest (4.4.0)
    addressable (2.2.2)
    crack (0.1.8)
    diff-lcs (1.1.2)
    httparty (0.6.1)
      crack (= 0.1.8)
    json (1.4.6)
    rake (0.8.7)
    rspec (2.0.1)
      rspec-core (~> 2.0.1)
      rspec-expectations (~> 2.0.1)
      rspec-mocks (~> 2.0.1)
    rspec-core (2.0.1)
    rspec-expectations (2.0.1)
      diff-lcs (>= 1.1.2)
    rspec-mocks (2.0.1)
      rspec-core (~> 2.0.1)
      rspec-expectations (~> 2.0.1)
    sqlite3-ruby (1.3.2)
    webmock (1.5.0)
      addressable (>= 2.2.2)
      crack (>= 0.1.7)

PLATFORMS
  ruby

DEPENDENCIES
  ZenTest (~> 4.4)
  bundler (~> 1.0)
  httparty (~> 0.6)
  json (~> 1.4)
  mlb!
  rake (~> 0.8)
  rspec (~> 2.0)
  sqlite3-ruby (~> 1.3)
  webmock (~> 1.5)
